GEM
  remote: https://rubygems.org/
  specs:
    addressable (2.4.0)
    babosa (1.0.2)
    colored (1.2)
    commander (4.3.5)
      highline (~> 1.7.2)
    credentials_manager (0.16.0)
      colored
      commander (>= 4.3.5)
      highline (>= 1.7.1)
      security
    excon (0.45.4)
    faraday (0.9.2)
      multipart-post (>= 1.2, < 3)
    fastlane_core (0.46.2)
      babosa
      colored
      commander (= 4.3.5)
      credentials_manager (>= 0.16.0, < 1.0.0)
      excon (~> 0.45.0)
      highline (>= 1.7.2)
      json
      multi_json
      plist (~> 3.1)
      rubyzip (~> 1.1.6)
      terminal-table (~> 1.4.5)
    google-api-client (0.9.8)
      addressable (~> 2.3)
      googleauth (~> 0.5)
      httpclient (~> 2.7)
      hurley (~> 0.1)
      memoist (~> 0.11)
      mime-types (>= 1.6)
      representable (~> 2.3.0)
      retriable (~> 2.0)
      thor (~> 0.19)
    googleauth (0.5.1)
      faraday (~> 0.9)
      jwt (~> 1.4)
      logging (~> 2.0)
      memoist (~> 0.12)
      multi_json (~> 1.11)
      os (~> 0.9)
      signet (~> 0.7)
    highline (1.7.8)
    httpclient (2.8.0)
    hurley (0.2)
    json (1.8.3)
    jwt (1.5.4)
    little-plugger (1.1.4)
    logging (2.1.0)
      little-plugger (~> 1.1)
      multi_json (~> 1.10)
    memoist (0.14.0)
    mime-types (3.1)
      mime-types-data (~> 3.2015)
    mime-types-data (3.2016.0521)
    multi_json (1.12.1)
    multipart-post (2.0.0)
    os (0.9.6)
    plist (3.2.0)
    representable (2.3.0)
      uber (~> 0.0.7)
    retriable (2.1.0)
    rubyzip (1.1.7)
    security (0.1.3)
    signet (0.7.2)
      addressable (~> 2.3)
      faraday (~> 0.9)
      jwt (~> 1.5)
      multi_json (~> 1.10)
    supply (0.7.0)
      credentials_manager (>= 0.15.0)
      fastlane_core (>= 0.43.4)
      google-api-client (~> 0.9.1)
    terminal-table (1.4.5)
    thor (0.19.1)
    uber (0.0.15)

PLATFORMS
  ruby

DEPENDENCIES
  supply (~> 0.7.0)

BUNDLED WITH
   1.12.5
